GEM
  remote: https://rubygems.org/
  specs:
    faraday (0.9.0)
      multipart-post (>= 1.2, < 3)
    multipart-post (2.0.0)
    rack (1.5.2)

PLATFORMS
  ruby

DEPENDENCIES
  faraday
  rack
